GEM
  remote: https://rubygems.org/
  specs:
    ffi (1.9.10-x86-mingw32)
    rack (1.6.4)
    rack-protection (1.5.3)
      rack
    rubyserial (0.2.4)
      ffi (~> 1.9.3)
    sinatra (1.4.7)
      rack (~> 1.5)
      rack-protection (~> 1.4)
      tilt (>= 1.3, < 3)
    tilt (2.0.2)

PLATFORMS
  ruby
  x86-mingw32

DEPENDENCIES
  rubyserial
  sinatra
